GEM
  remote: https://rubygems.org/
  specs:
    breakpoint (1.3)
      compass (>= 0.12.1)
      sass (>= 3.2.0)
    chunky_png (1.2.6)
    color-schemer (0.2.0)
      compass (~> 0.12)
    compass (0.13.alpha.0)
      chunky_png (~> 1.2)
      fssm (>= 0.2.7)
      sass (~> 3.2.0.alpha.93)
    fssm (0.2.9)
    modular-scale (1.0.2)
      compass (>= 0.11.5)
      sassy-math (>= 1.2)
    sass (3.2.4)
    sassy-buttons (0.1.4)
      compass (>= 0.12.2)
      sass (>= 3.2.0)
    sassy-math (1.2)
      compass (~> 0.11)
    singularitygs (0.0.17)
      breakpoint (>= 1.1.1)
      compass (>= 0.12.2)
      modular-scale (>= 1.0.2)
      sass (>= 3.2.1)
    survivalkit (1.0.beta.14)
      breakpoint (>= 1.2)
      color-schemer (>= 0.1)
      compass (>= 0.12.2)
      modular-scale (>= 1.0)
      singularitygs (>= 0.0.17)
      susy (>= 1.0)
    susy (1.0.5)
      compass (>= 0.12.2)
      sass (>= 3.2.0)

PLATFORMS
  ruby

DEPENDENCIES
  breakpoint
  compass (>= 0.13.alpha.0)
  sassy-buttons
  singularitygs (>= 0.0.15.1)
  survivalkit (>= 1.0.beta.8)
